GEM
  remote: https://rubygems.org/
  specs:
    fast_trie (0.5.0)
    state_machine (1.2.0)

PLATFORMS
  ruby

DEPENDENCIES
  fast_trie
  state_machine
